PATH
  remote: .
  specs:
    coloration (0.3.3)
      plist (>= 3.1.0)
      textpow19 (>= 0.11)

GEM
  remote: https://rubygems.org/
  specs:
    plist (3.1.0)
    textpow19 (0.11.0)
      plist (>= 3.0.1)

PLATFORMS
  ruby

DEPENDENCIES
  coloration!
